GEM
  remote: https://rubygems.org/
  specs:
    awesome_print (1.6.1)
    httparty (0.21.0)
      mini_mime (>= 1.0.0)
      multi_xml (>= 0.5.2)
    mini_mime (1.1.2)
    multi_xml (0.6.0)

PLATFORMS
  ruby

DEPENDENCIES
  awesome_print
  httparty

BUNDLED WITH
   1.10.2
